GEM
  remote: https://rubygems.org/
  specs:
    childprocess (0.5.9)
      ffi (~> 1.0, >= 1.0.11)
    chunky_png (1.3.5)
    diff-lcs (1.2.5)
    eyes_selenium (2.28.0)
      faraday
      oily_png (>= 1.2)
      oj
      selenium-webdriver (>= 2.45.0)
    faraday (0.9.2)
      multipart-post (>= 1.2, < 3)
    ffi (1.9.10)
    multipart-post (2.0.0)
    oily_png (1.2.0)
      chunky_png (~> 1.3.1)
    oj (2.15.1)
    rake (11.1.2)
    rspec (3.4.0)
      rspec-core (~> 3.4.0)
      rspec-expectations (~> 3.4.0)
      rspec-mocks (~> 3.4.0)
    rspec-core (3.4.4)
      rspec-support (~> 3.4.0)
    rspec-expectations (3.4.0)
      diff-lcs (>= 1.2.0, < 2.0)
      rspec-support (~> 3.4.0)
    rspec-mocks (3.4.1)
      diff-lcs (>= 1.2.0, < 2.0)
      rspec-support (~> 3.4.0)
    rspec-support (3.4.1)
    rubyzip (1.2.0)
    selenium-webdriver (2.53.3)
      childprocess (~> 0.5)
      rubyzip (~> 1.0)
      websocket (~> 1.0)
    websocket (1.2.3)

PLATFORMS
  ruby

DEPENDENCIES
  eyes_selenium (~> 2.28.0)
  rake (~> 11.1.2)
  rspec (~> 3.4.0)
  selenium-webdriver (~> 2.53.0)

BUNDLED WITH
   1.11.2
